GEM
  specs:
    jekyll-paginate (1.1.0)

PLATFORMS
  ruby

DEPENDENCIES
  jekyll-paginate

BUNDLED WITH
   2.0.2
